GEM
  specs:
    thor (0.19.1)

PLATFORMS
  ruby

DEPENDENCIES
  thor
